{
	"Modality": "MR",
	"MagneticFieldStrength": 3,
	"ImagingFrequency": 127.752,
	"Manufacturer": "Philips",
	"ManufacturersModelName": "Ingenia",
	"InstitutionName": "CRIUCPQ",
	"InstitutionalDepartmentName": "MR",
	"InstitutionAddress": "2725_Ch_Ste_Foy",
	"DeviceSerialNumber": "71300",
	"StationName": "PHILIPS-BQ9N6TK",
	"BodyPartExamined": "BRAIN",
	"PatientPosition": "HFS",
	"SoftwareVersions": "5.6.1_5.6.1.2",
	"MRAcquisitionType": "2D",
	"SeriesDescription": "fMRI_3mm_FOOD1",
	"ProtocolName": "WIP_fMRI_3mm_FOOD1",
	"ScanningSequence": "GR",
	"SequenceVariant": "SK",
	"ScanOptions": "FS",
	"ImageType": ["ORIGINAL", "PRIMARY", "T2", "NONE"],
	"SeriesNumber": 601,
	"AcquisitionTime": "10:03:16.810000",
	"AcquisitionNumber": 6,
	"PhilipsRescaleSlope": 0.781441,
	"PhilipsRescaleIntercept": 0,
	"PhilipsScaleSlope": 0.015315,
	"UsePhilipsFloatNotDisplayScaling": 1,
	"SliceThickness": 3,
	"SpacingBetweenSlices": 3,
	"EchoTime": 0.03,
	"RepetitionTime": 2.75,
	"FlipAngle": 80,
	"CoilString": "MULTI_COIL",
	"PercentPhaseFOV": 100,
	"PercentSampling": 100,
	"EchoTrainLength": 39,
	"PhaseEncodingSteps": 80,
	"AcquisitionMatrixPE": 80,
	"ReconMatrixPE": 80,
	"ParallelReductionFactorInPlane": 2.1,
	"WaterFatShift": 10.5705,
	"EstimatedEffectiveEchoSpacing": 0.00030035,
	"EstimatedTotalReadoutTime": 0.0237276,
	"PixelBandwidth": 2104.02,
	"PhaseEncodingAxis": "j",
	"ImageOrientationPatientDICOM": [
		0.998955,
		0.0333168,
		-0.0312847,
		-0.0447287,
		0.853278,
		-0.519534	],
	"InPlanePhaseEncodingDirectionDICOM": "COL",
	"ConversionSoftware": "dcm2niix",
	"ConversionSoftwareVersion": "v1.0.20200331"
,
"TaskName":"BDM"}
