{
	"Modality": "MR",
	"MagneticFieldStrength": 3,
	"ImagingFrequency": 127.752,
	"Manufacturer": "Philips",
	"ManufacturersModelName": "Ingenia",
	"InstitutionName": "CRIUCPQ",
	"InstitutionalDepartmentName": "MR",
	"InstitutionAddress": "2725_Ch_Ste_Foy",
	"DeviceSerialNumber": "71300",
	"StationName": "PHILIPS-BQ9N6TK",
	"BodyPartExamined": "BRAIN",
	"PatientPosition": "HFS",
	"SoftwareVersions": "5.3.1_5.3.1.3",
	"MRAcquisitionType": "3D",
	"SeriesDescription": "T1W_3D_TFE",
	"ProtocolName": "WIP_T1W_3D_TFE",
	"ScanningSequence": "GR",
	"SequenceVariant": "MP",
	"ScanOptions": "OTHER",
	"ImageType": ["ORIGINAL", "PRIMARY", "T1", "NONE"],
	"SeriesNumber": 201,
	"AcquisitionTime": "10:29:1.640000",
	"AcquisitionNumber": 2,
	"PhilipsRescaleSlope": 2.03004,
	"PhilipsRescaleIntercept": 0,
	"PhilipsScaleSlope": 0.00916406,
	"UsePhilipsFloatNotDisplayScaling": 1,
	"SliceThickness": 1,
	"SpacingBetweenSlices": 1,
	"EchoTime": 0.003731,
	"RepetitionTime": 0.008126,
	"FlipAngle": 8,
	"CoilString": "MULTI_COIL",
	"PercentPhaseFOV": 100,
	"PercentSampling": 99.2647,
	"EchoTrainLength": 240,
	"PhaseEncodingSteps": 240,
	"AcquisitionMatrixPE": 240,
	"ReconMatrixPE": 288,
	"WaterFatShift": 2.28733,
	"EstimatedEffectiveEchoSpacing": 1.82723e-05,
	"EstimatedTotalReadoutTime": 0.00524415,
	"PixelBandwidth": 189.897,
	"PhaseEncodingAxis": "i",
	"ImageOrientationPatientDICOM": [
		0,
		0.999405,
		-0.0345008,
		0,
		-0.0345008,
		-0.999405	],
	"InPlanePhaseEncodingDirectionDICOM": "ROW",
	"ConversionSoftware": "dcm2niix",
	"ConversionSoftwareVersion": "v1.0.20200331"
}
