{
	"Modality": "MR",
	"MagneticFieldStrength": 3,
	"ImagingFrequency": 127.753,
	"Manufacturer": "Philips",
	"ManufacturersModelName": "Ingenia",
	"InstitutionName": "CRIUCPQ",
	"InstitutionalDepartmentName": "MR",
	"InstitutionAddress": "2725_Ch_Ste_Foy",
	"DeviceSerialNumber": "71300",
	"StationName": "PHILIPS-BQ9N6TK",
	"BodyPartExamined": "BRAIN",
	"PatientPosition": "HFS",
	"SoftwareVersions": "5.3.1_5.3.1.2",
	"MRAcquisitionType": "3D",
	"SeriesDescription": "T1W_3D_TFE",
	"ProtocolName": "WIP_T1W_3D_TFE",
	"ScanningSequence": "GR",
	"SequenceVariant": "MP",
	"ScanOptions": "OTHER",
	"ImageType": ["ORIGINAL", "PRIMARY", "T1", "NONE"],
	"SeriesNumber": 201,
	"AcquisitionTime": "10:59:47.340000",
	"AcquisitionNumber": 2,
	"PhilipsRescaleSlope": 2.47766,
	"PhilipsRescaleIntercept": 0,
	"PhilipsScaleSlope": 0.00724208,
	"UsePhilipsFloatNotDisplayScaling": 1,
	"SliceThickness": 1,
	"SpacingBetweenSlices": 1,
	"EchoTime": 0.003761,
	"RepetitionTime": 0.0081565,
	"FlipAngle": 8,
	"CoilString": "MULTI_COIL",
	"PercentPhaseFOV": 100,
	"PercentSampling": 100,
	"EchoTrainLength": 240,
	"PhaseEncodingSteps": 240,
	"AcquisitionMatrixPE": 240,
	"ReconMatrixPE": 240,
	"WaterFatShift": 2.2684,
	"EstimatedEffectiveEchoSpacing": 2.17604e-05,
	"EstimatedTotalReadoutTime": 0.00520073,
	"PixelBandwidth": 191.483,
	"PhaseEncodingAxis": "i",
	"ImageOrientationPatientDICOM": [
		0.0148631,
		0.993122,
		-0.116137,
		-0.00173791,
		-0.116124,
		-0.993233	],
	"InPlanePhaseEncodingDirectionDICOM": "ROW",
	"ConversionSoftware": "dcm2niix",
	"ConversionSoftwareVersion": "v1.0.20200331"
}
