{
	"Modality": "MR",
	"MagneticFieldStrength": 3,
	"ImagingFrequency": 127.753,
	"Manufacturer": "Philips",
	"ManufacturersModelName": "Ingenia",
	"InstitutionName": "CRIUCPQ",
	"InstitutionalDepartmentName": "MR",
	"InstitutionAddress": "2725_Ch_Ste_Foy",
	"DeviceSerialNumber": "71300",
	"StationName": "PHILIPS-BQ9N6TK",
	"BodyPartExamined": "BRAIN",
	"PatientPosition": "HFS",
	"SoftwareVersions": "5.3.1_5.3.1.2",
	"MRAcquisitionType": "2D",
	"SeriesDescription": "fMRI_3mm_FOOD3",
	"ProtocolName": "WIP_fMRI_3mm_FOOD3",
	"ScanningSequence": "GR",
	"SequenceVariant": "SK",
	"ScanOptions": "FS",
	"ImageType": ["ORIGINAL", "PRIMARY", "T2", "NONE"],
	"SeriesNumber": 801,
	"AcquisitionTime": "11:38:2.170000",
	"AcquisitionNumber": 8,
	"PhilipsRescaleSlope": 0.785592,
	"PhilipsRescaleIntercept": 0,
	"PhilipsScaleSlope": 0.0233948,
	"UsePhilipsFloatNotDisplayScaling": 1,
	"SliceThickness": 3,
	"SpacingBetweenSlices": 3,
	"EchoTime": 0.03,
	"RepetitionTime": 2.75,
	"FlipAngle": 80,
	"CoilString": "MULTI_COIL",
	"PercentPhaseFOV": 100,
	"PercentSampling": 100,
	"EchoTrainLength": 39,
	"PhaseEncodingSteps": 80,
	"AcquisitionMatrixPE": 80,
	"ReconMatrixPE": 80,
	"ParallelReductionFactorInPlane": 2.1,
	"WaterFatShift": 10.5636,
	"EstimatedEffectiveEchoSpacing": 0.000300152,
	"EstimatedTotalReadoutTime": 0.023712,
	"PixelBandwidth": 2105.8,
	"PhaseEncodingAxis": "j",
	"ImageOrientationPatientDICOM": [
		0.999888,
		-0.0129593,
		0.00748255,
		0.0148631,
		0.801984,
		-0.59716	],
	"InPlanePhaseEncodingDirectionDICOM": "COL",
	"ConversionSoftware": "dcm2niix",
	"ConversionSoftwareVersion": "v1.0.20200331"
,
"TaskName":"BDM"}
