{
	"Modality": "MR",
	"MagneticFieldStrength": 3,
	"ImagingFrequency": 127.752,
	"Manufacturer": "Philips",
	"ManufacturersModelName": "Ingenia",
	"InstitutionName": "CRIUCPQ",
	"InstitutionalDepartmentName": "MR",
	"InstitutionAddress": "2725_Ch_Ste_Foy",
	"DeviceSerialNumber": "71300",
	"StationName": "PHILIPS-BQ9N6TK",
	"BodyPartExamined": "BRAIN",
	"PatientPosition": "HFS",
	"SoftwareVersions": "5.6.1_5.6.1.1",
	"MRAcquisitionType": "3D",
	"SeriesDescription": "T1W_3D_TFE",
	"ProtocolName": "WIP_T1W_3D_TFE",
	"ScanningSequence": "GR",
	"SequenceVariant": "MP",
	"ScanOptions": "OTHER",
	"ImageType": ["ORIGINAL", "PRIMARY", "T1", "NONE"],
	"SeriesNumber": 301,
	"AcquisitionTime": "11:10:53.660000",
	"AcquisitionNumber": 3,
	"PhilipsRescaleSlope": 2.75531,
	"PhilipsRescaleIntercept": 0,
	"PhilipsScaleSlope": 0.0068072,
	"UsePhilipsFloatNotDisplayScaling": 1,
	"SliceThickness": 1,
	"SpacingBetweenSlices": 1,
	"EchoTime": 0.003693,
	"RepetitionTime": 0.0080839,
	"FlipAngle": 8,
	"CoilString": "MULTI_COIL",
	"PercentPhaseFOV": 100,
	"PercentSampling": 100,
	"EchoTrainLength": 240,
	"PhaseEncodingSteps": 240,
	"AcquisitionMatrixPE": 240,
	"ReconMatrixPE": 240,
	"WaterFatShift": 2.26839,
	"EstimatedEffectiveEchoSpacing": 2.17604e-05,
	"EstimatedTotalReadoutTime": 0.00520073,
	"PixelBandwidth": 191.483,
	"PhaseEncodingAxis": "i",
	"ImageOrientationPatientDICOM": [
		-0.0300763,
		0.999497,
		-0.0100781,
		0.000303127,
		-0.0100735,
		-0.999949	],
	"InPlanePhaseEncodingDirectionDICOM": "ROW",
	"ConversionSoftware": "dcm2niix",
	"ConversionSoftwareVersion": "v1.0.20200331"
}
