{
	"Modality": "MR",
	"MagneticFieldStrength": 3,
	"ImagingFrequency": 127.752,
	"Manufacturer": "Philips",
	"ManufacturersModelName": "Ingenia",
	"InstitutionName": "CRIUCPQ",
	"InstitutionalDepartmentName": "MR",
	"InstitutionAddress": "2725_Ch_Ste_Foy",
	"DeviceSerialNumber": "71300",
	"StationName": "PHILIPS-BQ9N6TK",
	"BodyPartExamined": "BRAIN",
	"PatientPosition": "HFS",
	"SoftwareVersions": "5.6.1_5.6.1.1",
	"MRAcquisitionType": "2D",
	"SeriesDescription": "fMRI_3mm_FOOD3",
	"ProtocolName": "WIP_fMRI_3mm_FOOD3",
	"ScanningSequence": "GR",
	"SequenceVariant": "SK",
	"ScanOptions": "FS",
	"ImageType": ["ORIGINAL", "PRIMARY", "T2", "NONE"],
	"SeriesNumber": 901,
	"AcquisitionTime": "11:48:37.960000",
	"AcquisitionNumber": 9,
	"PhilipsRescaleSlope": 0.763858,
	"PhilipsRescaleIntercept": 0,
	"PhilipsScaleSlope": 0.0195135,
	"UsePhilipsFloatNotDisplayScaling": 1,
	"SliceThickness": 3,
	"SpacingBetweenSlices": 3,
	"EchoTime": 0.03,
	"RepetitionTime": 2.75,
	"FlipAngle": 80,
	"CoilString": "MULTI_COIL",
	"PercentPhaseFOV": 100,
	"PercentSampling": 100,
	"EchoTrainLength": 39,
	"PhaseEncodingSteps": 80,
	"AcquisitionMatrixPE": 80,
	"ReconMatrixPE": 80,
	"ParallelReductionFactorInPlane": 2.1,
	"WaterFatShift": 10.567,
	"EstimatedEffectiveEchoSpacing": 0.000300251,
	"EstimatedTotalReadoutTime": 0.0237199,
	"PixelBandwidth": 2104.91,
	"PhaseEncodingAxis": "j",
	"ImageOrientationPatientDICOM": [
		0.999548,
		0.0260474,
		-0.0150402,
		-0.0300763,
		0.860526,
		-0.508519	],
	"InPlanePhaseEncodingDirectionDICOM": "COL",
	"ConversionSoftware": "dcm2niix",
	"ConversionSoftwareVersion": "v1.0.20200331"
,
"TaskName":"BDM"}
