{
	"Modality": "MR",
	"MagneticFieldStrength": 3,
	"ImagingFrequency": 127.752,
	"Manufacturer": "Philips",
	"ManufacturersModelName": "Ingenia",
	"InstitutionName": "CRIUCPQ",
	"InstitutionalDepartmentName": "MR",
	"InstitutionAddress": "2725_Ch_Ste_Foy",
	"DeviceSerialNumber": "71300",
	"StationName": "PHILIPS-BQ9N6TK",
	"BodyPartExamined": "BRAIN",
	"PatientPosition": "HFS",
	"SoftwareVersions": "5.6.1_5.6.1.2",
	"MRAcquisitionType": "3D",
	"SeriesDescription": "T1W_3D_TFE",
	"ProtocolName": "T1W_3D_TFE",
	"ScanningSequence": "GR",
	"SequenceVariant": "MP",
	"ScanOptions": "OTHER",
	"ImageType": ["ORIGINAL", "PRIMARY", "T1", "NONE"],
	"SeriesNumber": 201,
	"AcquisitionTime": "09:38:28.560000",
	"AcquisitionNumber": 2,
	"PhilipsRescaleSlope": 2.76874,
	"PhilipsRescaleIntercept": 0,
	"PhilipsScaleSlope": 0.00645735,
	"UsePhilipsFloatNotDisplayScaling": 1,
	"SliceThickness": 1,
	"SpacingBetweenSlices": 1,
	"EchoTime": 0.003709,
	"RepetitionTime": 0.0081163,
	"FlipAngle": 8,
	"CoilString": "MULTI_COIL",
	"PercentPhaseFOV": 100,
	"PercentSampling": 100,
	"EchoTrainLength": 240,
	"PhaseEncodingSteps": 240,
	"AcquisitionMatrixPE": 240,
	"ReconMatrixPE": 240,
	"WaterFatShift": 2.26838,
	"EstimatedEffectiveEchoSpacing": 2.17604e-05,
	"EstimatedTotalReadoutTime": 0.00520073,
	"PixelBandwidth": 191.483,
	"PhaseEncodingAxis": "i",
	"ImageOrientationPatientDICOM": [
		-0.0447287,
		0.998727,
		-0.023313,
		-0.00938535,
		-0.0237554,
		-0.999674	],
	"InPlanePhaseEncodingDirectionDICOM": "ROW",
	"ConversionSoftware": "dcm2niix",
	"ConversionSoftwareVersion": "v1.0.20200331"
}
